GEM
  remote: https://rubygems.org/
  specs:
    configurability (2.0.0)
      loggability (~> 0.4)
    flickraw (0.9.6)
    loggability (0.5.0)
    mono_logger (1.1.0)
    multi_json (1.7.3)
    rack (1.5.2)
    rack-protection (1.5.0)
      rack
    rake (10.0.3)
    redis (3.0.4)
    redis-namespace (1.3.0)
      redis (~> 3.0.0)
    resque (1.24.1)
      mono_logger (~> 1.0)
      multi_json (~> 1.0)
      redis-namespace (~> 1.2)
      sinatra (>= 0.9.2)
      vegas (~> 0.1.2)
    sinatra (1.4.2)
      rack (~> 1.5, >= 1.5.2)
      rack-protection (~> 1.4)
      tilt (~> 1.3, >= 1.3.4)
    tilt (1.4.1)
    vegas (0.1.11)
      rack (>= 1.0.0)

PLATFORMS
  ruby

DEPENDENCIES
  configurability (~> 2.0.0)
  flickraw (~> 0.9.6)
  rake
  resque (~> 1.24.1)
  sinatra (~> 1.4.2)
