GEM
  remote: http://rubygems.org/
  specs:
    activemodel (3.2.12)
      activesupport (= 3.2.12)
      builder (~> 3.0.0)
    activesupport (3.2.12)
      i18n (~> 0.6)
      multi_json (~> 1.0)
    builder (3.0.4)
    configurability (2.0.0)
      loggability (~> 0.4)
    dotenv (0.7.0)
    flickraw (0.9.6)
    foreman (0.63.0)
      dotenv (>= 0.7)
      thor (>= 0.13.6)
    i18n (0.6.1)
    json (1.7.7)
    loggability (0.5.0)
    minitest (2.5.1)
    mongoid (3.1.2)
      activemodel (~> 3.2)
      moped (~> 1.4.2)
      origin (~> 1.0)
      tzinfo (~> 0.3.22)
    mongoid-tags-arent-hard (1.1.3)
      mongoid (>= 3.0.0)
    moped (1.4.3)
    multi_json (1.7.4)
    origin (1.0.11)
    rack (1.5.2)
    rack-protection (1.5.0)
      rack
    rake (10.0.3)
    redis (3.0.4)
    redis-namespace (1.3.0)
      redis (~> 3.0.0)
    resque (1.22.0)
      multi_json (~> 1.0)
      redis-namespace (~> 1.0)
      sinatra (>= 0.9.2)
      vegas (~> 0.1.2)
    resque-concurrent-restriction (0.5.8)
      resque (~> 1.10)
    resque-scheduler (2.0.1)
      redis (>= 2.0.1)
      resque (>= 1.20.0)
      rufus-scheduler
    rufus-scheduler (2.0.19)
      tzinfo (>= 0.3.23)
    sinatra (1.4.2)
      rack (~> 1.5, >= 1.5.2)
      rack-protection (~> 1.4)
      tilt (~> 1.3, >= 1.3.4)
    sinatra-redis (0.3.0)
      redis
      sinatra (>= 0.9.4)
    thor (0.18.1)
    tilt (1.4.1)
    tzinfo (0.3.35)
    vegas (0.1.11)
      rack (>= 1.0.0)

PLATFORMS
  ruby

DEPENDENCIES
  configurability
  flickraw
  foreman
  json (~> 1.7.7)
  minitest
  mongoid
  mongoid-tags-arent-hard
  rake
  resque (~> 1.22.0)
  resque-concurrent-restriction
  resque-scheduler
  sinatra
  sinatra-redis
