GEM
  remote: http://rubygems.org/
  specs:
    configurability (2.0.0)
      loggability (~> 0.4)
    flickraw (0.9.6)
    loggability (0.5.0)
    rack (1.5.2)
    rack-protection (1.3.2)
      rack
    sinatra (1.3.5)
      rack (~> 1.4)
      rack-protection (~> 1.3)
      tilt (~> 1.3, >= 1.3.3)
    tilt (1.3.4)

PLATFORMS
  ruby

DEPENDENCIES
  configurability (~> 2.0.0)
  flickraw (~> 0.9.6)
  sinatra (~> 1.3.5)
